GEM
  remote: https://rubygems.org/
  specs:
    activemodel (6.1.6.1)
      activesupport (= 6.1.6.1)
    activemodel-serializers-xml (1.0.2)
      activemodel (> 5.x)
      activesupport (> 5.x)
      builder (~> 3.1)
    activerecord (6.1.6.1)
      activemodel (= 6.1.6.1)
      activesupport (= 6.1.6.1)
    activeresource (5.1.0)
      activemodel (>= 5.0, < 7)
      activemodel-serializers-xml (~> 1.0)
      activesupport (>= 5.0, < 7)
    activesupport (6.1.6.1)
      concurrent-ruby (~> 1.0, >= 1.0.2)
      i18n (>= 1.6, < 2)
      minitest (>= 5.1)
      tzinfo (~> 2.0)
      zeitwerk (~> 2.3)
    addressable (2.6.0)
      public_suffix (>= 2.0.2, < 4.0)
    artii (2.1.2)
    builder (3.2.3)
    challonge-api (0.2.0)
      activeresource
    coderay (1.1.2)
    concurrent-ruby (1.1.10)
    domain_name (0.5.20180417)
      unf (>= 0.0.5, < 1.0.0)
    equatable (0.6.0)
    http-cookie (1.0.3)
      domain_name (~> 0.5)
    i18n (1.12.0)
      concurrent-ruby (~> 1.0)
    launchy (2.4.3)
      addressable (~> 2.3)
    method_source (0.9.2)
    mime-types (3.2.2)
      mime-types-data (~> 3.2015)
    mime-types-data (3.2019.0331)
    minitest (5.16.2)
    mustermann (1.0.3)
    necromancer (0.5.0)
    netrc (0.11.0)
    paint (2.1.0)
    pastel (0.7.3)
      equatable (~> 0.6)
      tty-color (~> 0.5)
    pry (0.12.2)
      coderay (~> 1.1.0)
      method_source (~> 0.9.0)
    public_suffix (3.1.0)
    rack (2.0.7)
    rack-protection (2.0.5)
      rack
    rake (12.3.2)
    require_all (2.0.0)
    rest-client (2.0.2)
      http-cookie (>= 1.0.2, < 2.0)
      mime-types (>= 1.16, < 4.0)
      netrc (~> 0.8)
    sinatra (2.0.5)
      mustermann (~> 1.0)
      rack (~> 2.0)
      rack-protection (= 2.0.5)
      tilt (~> 2.0)
    sinatra-activerecord (2.0.13)
      activerecord (>= 3.2)
      sinatra (>= 1.0)
    sqlite3 (1.4.1)
    tco (0.1.8)
    terminal-table (1.8.0)
      unicode-display_width (~> 1.1, >= 1.1.1)
    thread_safe (0.3.6)
    tilt (2.0.9)
    tty-color (0.5.0)
    tty-cursor (0.7.0)
    tty-prompt (0.19.0)
      necromancer (~> 0.5.0)
      pastel (~> 0.7.0)
      tty-reader (~> 0.6.0)
    tty-reader (0.6.0)
      tty-cursor (~> 0.7)
      tty-screen (~> 0.7)
      wisper (~> 2.0.0)
    tty-screen (0.7.0)
      thread_safe (~> 0.1)
    tty-spinner (0.9.1)
      tty-cursor (~> 0.7)
    tzinfo (2.0.5)
      concurrent-ruby (~> 1.0)
    unf (0.1.4)
      unf_ext
    unf_ext (0.0.7.6)
    unicode-display_width (1.6.0)
    wisper (2.0.0)
    zeitwerk (2.6.0)

PLATFORMS
  ruby

DEPENDENCIES
  artii
  challonge-api
  launchy
  paint
  pry
  rake
  require_all
  rest-client
  sinatra-activerecord
  sqlite3
  tco
  terminal-table
  tty-prompt
  tty-spinner

BUNDLED WITH
   2.0.1
